GIT
  remote: https://github.com/shardlab/discordrb.git
  revision: 57599e838fc1583e709088f3f06c9f7fdfb99cc9
  tag: v3.4.2
  specs:
    discordrb (3.4.2)
      discordrb-webhooks (~> 3.4.2)
      ffi (>= 1.9.24)
      opus-ruby
      rest-client (>= 2.0.0)
      websocket-client-simple (>= 0.3.0)
    discordrb-webhooks (3.4.2)
      rest-client (>= 2.0.0)

GEM
  remote: https://rubygems.org/
  specs:
    actioncable (7.0.0)
      actionpack (= 7.0.0)
      activesupport (= 7.0.0)
      nio4r (~> 2.0)
      websocket-driver (>= 0.6.1)
    actionmailbox (7.0.0)
      actionpack (= 7.0.0)
      activejob (= 7.0.0)
      activerecord (= 7.0.0)
      activestorage (= 7.0.0)
      activesupport (= 7.0.0)
      mail (>= 2.7.1)
    actionmailer (7.0.0)
      actionpack (= 7.0.0)
      actionview (= 7.0.0)
      activejob (= 7.0.0)
      activesupport (= 7.0.0)
      mail (~> 2.5, >= 2.5.4)
      rails-dom-testing (~> 2.0)
    actionpack (7.0.0)
      actionview (= 7.0.0)
      activesupport (= 7.0.0)
      rack (~> 2.0, >= 2.2.0)
      rack-test (>= 0.6.3)
      rails-dom-testing (~> 2.0)
      rails-html-sanitizer (~> 1.0, >= 1.2.0)
    actiontext (7.0.0)
      actionpack (= 7.0.0)
      activerecord (= 7.0.0)
      activestorage (= 7.0.0)
      activesupport (= 7.0.0)
      globalid (>= 0.6.0)
      nokogiri (>= 1.8.5)
    actionview (7.0.0)
      activesupport (= 7.0.0)
      builder (~> 3.1)
      erubi (~> 1.4)
      rails-dom-testing (~> 2.0)
      rails-html-sanitizer (~> 1.1, >= 1.2.0)
    activejob (7.0.0)
      activesupport (= 7.0.0)
      globalid (>= 0.3.6)
    activemodel (7.0.0)
      activesupport (= 7.0.0)
    activerecord (7.0.0)
      activemodel (= 7.0.0)
      activesupport (= 7.0.0)
    activestorage (7.0.0)
      actionpack (= 7.0.0)
      activejob (= 7.0.0)
      activerecord (= 7.0.0)
      activesupport (= 7.0.0)
      marcel (~> 1.0)
      mini_mime (>= 1.1.0)
    activesupport (7.0.0)
      concurrent-ruby (~> 1.0, >= 1.0.2)
      i18n (>= 1.6, < 2)
      minitest (>= 5.1)
      tzinfo (~> 2.0)
    addressable (2.8.0)
      public_suffix (>= 2.0.2, < 5.0)
    bindex (0.8.1)
    bootsnap (1.9.3)
      msgpack (~> 1.0)
    buftok (0.2.0)
    builder (3.2.4)
    byebug (11.1.3)
    capybara (3.36.0)
      addressable
      matrix
      mini_mime (>= 0.1.3)
      nokogiri (~> 1.8)
      rack (>= 1.6.0)
      rack-test (>= 0.6.3)
      regexp_parser (>= 1.5, < 3.0)
      xpath (~> 3.2)
    childprocess (4.1.0)
    concurrent-ruby (1.1.9)
    crass (1.0.6)
    domain_name (0.5.20190701)
      unf (>= 0.0.5, < 1.0.0)
    equalizer (0.0.11)
    erubi (1.10.0)
    event_emitter (0.2.6)
    feedjira (3.2.0)
      loofah (>= 2.3.1)
      sax-machine (>= 1.0)
    ffi (1.15.4)
    ffi-compiler (1.0.1)
      ffi (>= 1.0.0)
      rake
    globalid (1.0.0)
      activesupport (>= 5.0)
    http (4.4.1)
      addressable (~> 2.3)
      http-cookie (~> 1.0)
      http-form_data (~> 2.2)
      http-parser (~> 1.2.0)
    http-accept (1.7.0)
    http-cookie (1.0.4)
      domain_name (~> 0.5)
    http-form_data (2.3.0)
    http-parser (1.2.3)
      ffi-compiler (>= 1.0, < 2.0)
    http_parser.rb (0.6.0)
    i18n (1.8.11)
      concurrent-ruby (~> 1.0)
    jbuilder (2.11.3)
      activesupport (>= 5.0.0)
    listen (3.7.0)
      rb-fsevent (~> 0.10, >= 0.10.3)
      rb-inotify (~> 0.9, >= 0.9.10)
    loofah (2.13.0)
      crass (~> 1.0.2)
      nokogiri (>= 1.5.9)
    mail (2.7.1)
      mini_mime (>= 0.1.1)
    marcel (1.0.2)
    matrix (0.4.2)
    memoizable (0.4.2)
      thread_safe (~> 0.3, >= 0.3.1)
    method_source (1.0.0)
    mime-types (3.4.1)
      mime-types-data (~> 3.2015)
    mime-types-data (3.2021.1115)
    mini_mime (1.1.2)
    minitest (5.15.0)
    msgpack (1.4.2)
    multipart-post (2.1.1)
    naught (1.1.0)
    netrc (0.11.0)
    nio4r (2.5.8)
    nokogiri (1.12.5-x86_64-darwin)
      racc (~> 1.4)
    nokogiri (1.12.5-x86_64-linux)
      racc (~> 1.4)
    opus-ruby (1.0.1)
      ffi
    pagy (5.6.6)
    pg (1.2.3)
    pg_search (2.3.5)
      activerecord (>= 5.2)
      activesupport (>= 5.2)
    public_suffix (4.0.6)
    puma (5.5.2)
      nio4r (~> 2.0)
    racc (1.6.0)
    rack (2.2.3)
    rack-proxy (0.7.0)
      rack
    rack-test (1.1.0)
      rack (>= 1.0, < 3)
    rails (7.0.0)
      actioncable (= 7.0.0)
      actionmailbox (= 7.0.0)
      actionmailer (= 7.0.0)
      actionpack (= 7.0.0)
      actiontext (= 7.0.0)
      actionview (= 7.0.0)
      activejob (= 7.0.0)
      activemodel (= 7.0.0)
      activerecord (= 7.0.0)
      activestorage (= 7.0.0)
      activesupport (= 7.0.0)
      bundler (>= 1.15.0)
      railties (= 7.0.0)
    rails-dom-testing (2.0.3)
      activesupport (>= 4.2.0)
      nokogiri (>= 1.6)
    rails-html-sanitizer (1.4.2)
      loofah (~> 2.3)
    railties (7.0.0)
      actionpack (= 7.0.0)
      activesupport (= 7.0.0)
      method_source
      rake (>= 12.2)
      thor (~> 1.0)
      zeitwerk (~> 2.5)
    rake (13.0.6)
    rb-fsevent (0.11.0)
    rb-inotify (0.10.1)
      ffi (~> 1.0)
    regexp_parser (2.2.0)
    rest-client (2.1.0)
      http-accept (>= 1.7.0, < 2.0)
      http-cookie (>= 1.0.2, < 2.0)
      mime-types (>= 1.16, < 4.0)
      netrc (~> 0.8)
    rexml (3.2.5)
    rubyzip (2.3.2)
    sax-machine (1.3.2)
    selenium-webdriver (4.1.0)
      childprocess (>= 0.5, < 5.0)
      rexml (~> 3.2, >= 3.2.5)
      rubyzip (>= 1.2.2)
    semantic_range (3.0.0)
    simple_oauth (0.3.1)
    thor (1.1.0)
    thread_safe (0.3.6)
    turbo-rails (1.0.0)
      actionpack (>= 6.0.0)
      railties (>= 6.0.0)
    twitter (7.0.0)
      addressable (~> 2.3)
      buftok (~> 0.2.0)
      equalizer (~> 0.0.11)
      http (~> 4.0)
      http-form_data (~> 2.0)
      http_parser.rb (~> 0.6.0)
      memoizable (~> 0.4.0)
      multipart-post (~> 2.0)
      naught (~> 1.0)
      simple_oauth (~> 0.3.0)
    tzinfo (2.0.4)
      concurrent-ruby (~> 1.0)
    unf (0.1.4)
      unf_ext
    unf_ext (0.0.8)
    web-console (4.2.0)
      actionview (>= 6.0.0)
      activemodel (>= 6.0.0)
      bindex (>= 0.4.0)
      railties (>= 6.0.0)
    webdrivers (5.0.0)
      nokogiri (~> 1.6)
      rubyzip (>= 1.3.0)
      selenium-webdriver (~> 4.0)
    webpacker (6.0.0.rc.5)
      activesupport (>= 5.2)
      rack-proxy (>= 0.6.1)
      railties (>= 5.2)
      semantic_range (>= 2.3.0)
    websocket (1.2.9)
    websocket-client-simple (0.3.0)
      event_emitter
      websocket
    websocket-driver (0.7.5)
      websocket-extensions (>= 0.1.0)
    websocket-extensions (0.1.5)
    xpath (3.2.0)
      nokogiri (~> 1.8)
    zeitwerk (2.5.1)

PLATFORMS
  x86_64-darwin-20
  x86_64-linux

DEPENDENCIES
  bootsnap (>= 1.4.4)
  byebug
  capybara (>= 3.26)
  discordrb!
  feedjira
  jbuilder (~> 2.11)
  listen (~> 3.7)
  pagy
  pg (~> 1.1)
  pg_search
  puma (~> 5.5)
  rails (~> 7.0.0)
  rest-client
  selenium-webdriver
  turbo-rails
  twitter
  tzinfo-data
  web-console (>= 4.1.0)
  webdrivers
  webpacker (= 6.0.0.rc.5)

BUNDLED WITH
   2.2.22
